GEM
  remote: https://rubygems.org/
  specs:
    dotenv (2.0.1)
    rack (1.6.1)
    rack-protection (1.5.3)
      rack
    sinatra (1.4.6)
      rack (~> 1.4)
      rack-protection (~> 1.4)
      tilt (>= 1.3, < 3)
    tilt (2.0.1)

PLATFORMS
  ruby

DEPENDENCIES
  dotenv
  sinatra

RUBY VERSION
   ruby 2.4.5p335

BUNDLED WITH
   1.17.1
